PATH
  remote: .
  specs:
    proteus (0.5.0)
      awesome_print (~> 0)
      cri (~> 2.7.1)
      mini_portile2 (~> 2.0)
      netaddr (~> 1.5, >= 1.5.1)
      savon (~> 2.0)

GEM
  remote: https://rubygems.org/
  specs:
    addressable (2.5.2)
      public_suffix (>= 2.0.2, < 4.0)
    akami (1.3.1)
      gyoku (>= 0.4.0)
      nokogiri
    awesome_print (0.4.0)
    builder (3.2.3)
    colored (1.2)
    crack (0.4.3)
      safe_yaml (~> 1.0.0)
    cri (2.7.1)
      colored (~> 1.2)
    diff-lcs (1.3)
    docile (1.3.0)
    gyoku (1.3.1)
      builder (>= 2.1.2)
    hashdiff (0.3.7)
    httpi (2.4.3)
      rack
      socksify
    json (2.1.0)
    mini_portile2 (2.3.0)
    netaddr (1.5.1)
    nokogiri (1.8.2)
      mini_portile2 (~> 2.3.0)
    nori (2.6.0)
    public_suffix (3.0.2)
    rack (2.0.4)
    rake (11.3.0)
    rspec (3.7.0)
      rspec-core (~> 3.7.0)
      rspec-expectations (~> 3.7.0)
      rspec-mocks (~> 3.7.0)
    rspec-core (3.7.1)
      rspec-support (~> 3.7.0)
    rspec-expectations (3.7.0)
      diff-lcs (>= 1.2.0, < 2.0)
      rspec-support (~> 3.7.0)
    rspec-mocks (3.7.0)
      diff-lcs (>= 1.2.0, < 2.0)
      rspec-support (~> 3.7.0)
    rspec-support (3.7.1)
    rspec_junit_formatter (0.3.0)
      rspec-core (>= 2, < 4, != 2.12.0)
    safe_yaml (1.0.4)
    savon (2.12.0)
      akami (~> 1.2)
      builder (>= 2.1.2)
      gyoku (~> 1.2)
      httpi (~> 2.3)
      nokogiri (>= 1.8.1)
      nori (~> 2.4)
      wasabi (~> 3.4)
    simplecov (0.16.1)
      docile (~> 1.1)
      json (>= 1.8, < 3)
      simplecov-html (~> 0.10.0)
    simplecov-html (0.10.2)
    simplecov-rcov (0.2.3)
      simplecov (>= 0.4.1)
    socksify (1.7.1)
    wasabi (3.5.0)
      httpi (~> 2.0)
      nokogiri (>= 1.4.2)
    webmock (2.3.2)
      addressable (>= 2.3.6)
      crack (>= 0.3.2)
      hashdiff
    yard (0.9.12)

PLATFORMS
  ruby

DEPENDENCIES
  bundler (~> 1.10)
  proteus!
  rake (~> 11)
  rspec (~> 3)
  rspec_junit_formatter (~> 0)
  simplecov (~> 0.12)
  simplecov-rcov (~> 0.2)
  webmock (~> 2)
  yard (~> 0)

BUNDLED WITH
   1.14.4
